GIT
  remote: https://github.com/saurgoel/mina.git
  revision: aaf50c597223f089103cb9b0d872bd4435edefed
  specs:
    mina (1.0.6)
      open4 (~> 1.3.4)
      rake

GEM
  remote: https://rubygems.org/
  specs:
    byebug (8.2.0)
    coderay (1.1.0)
    method_source (0.8.2)
    open4 (1.3.4)
    pry (0.10.3)
      coderay (~> 1.1.0)
      method_source (~> 0.8.1)
      slop (~> 3.4)
    rake (10.4.2)
    slop (3.6.0)

PLATFORMS
  ruby

DEPENDENCIES
  byebug
  mina!
  pry
  rake

BUNDLED WITH
   1.14.4
